GEM
  remote: http://rubygems.org/
  specs:
    webrick (1.5.0)

PLATFORMS
  ruby

DEPENDENCIES
  webrick

RUBY VERSION
   ruby 2.6.5p114

BUNDLED WITH
   2.0.2
